PATH
  remote: .
  specs:
    monopricec10761 (0.0.1)
      ccutrer-serialport (~> 1.1)
      homie-mqtt (~> 1.2)
      net-telnet-rfc2217 (~> 1.0)

GEM
  remote: https://rubygems.org/
  specs:
    byebug (9.1.0)
    ccutrer-serialport (1.1.0)
      ffi (~> 1.9, >= 1.9.3)
    ffi (1.14.2)
    homie-mqtt (1.2.2)
      mqtt-ccutrer (~> 1.0)
    mqtt-ccutrer (1.0.2)
    net-telnet (0.2.0)
    net-telnet-rfc2217 (1.0.0)
      net-telnet (~> 0.2.0)
    rake (13.0.3)

PLATFORMS
  ruby

DEPENDENCIES
  byebug (~> 9.0)
  monopricec10761!
  rake (~> 13.0)

BUNDLED WITH
   2.1.4
